GEM
  remote: http://rubygems.org/
  specs:
    builder (3.0.0)
    haml (3.0.25)
    rack (1.2.1)
    redis (2.1.1)
    sinatra (1.1.2)
      rack (~> 1.1)
      tilt (~> 1.2)
    tilt (1.2.2)

PLATFORMS
  ruby

DEPENDENCIES
  builder
  haml
  redis
  sinatra
